GEM
  specs:
    ast (2.4.0)
    diff-lcs (1.3)
    parser (2.5.1.2)
      ast (~> 2.4.0)

PLATFORMS
  ruby

DEPENDENCIES
  diff-lcs
  parser

BUNDLED WITH
   1.16.0
